GEM
  remote: https://www.rubygems.org/
  specs:
    nio4r (2.5.8)
    puma (5.5.2)
      nio4r (~> 2.0)
    rack (2.2.3)

PLATFORMS
  arm64-darwin-21

DEPENDENCIES
  puma
  rack

RUBY VERSION
   ruby 3.0.3p157

BUNDLED WITH
   2.2.33
